GIT
  remote: git@github.com:UhuruSoftware/private-bosh.git
  revision: c90efd7de741f3720a536ac636ef2f363a635b81
  ref: c90efd7de741f3720a536ac636ef2f363a635b81
  specs:
    agent_client (1.5.0.pre.3)
      httpclient (= 2.2.4)
      yajl-ruby (~> 1.1.0)
    blobstore_client (1.5.0.pre.3)
      aws-sdk (= 1.8.5)
      bosh_common (~> 1.5.0.pre.3)
      fog (~> 1.10.0)
      httpclient (= 2.2.4)
      multi_json (~> 1.1)
      ruby-atmos-pure (~> 1.0.5)
    bosh_aws_cpi (1.5.0.pre.3)
      aws-sdk (= 1.8.5)
      bosh_common (~> 1.5.0.pre.3)
      bosh_cpi (~> 1.5.0.pre.3)
      httpclient (= 2.2.4)
      yajl-ruby (>= 0.8.2)
    bosh_cli (1.5.0.pre.3)
      archive-tar-minitar (~> 0.5)
      blobstore_client (~> 1.5.0.pre.3)
      bosh_common (~> 1.5.0.pre.3)
      highline (~> 1.6.2)
      httpclient (= 2.2.4)
      json_pure (~> 1.7.6)
      net-scp (~> 1.1.0)
      net-ssh (>= 2.2.1)
      net-ssh-gateway (~> 1.1.0)
      netaddr (~> 1.5.0)
      progressbar (~> 0.9.0)
      terminal-table (~> 1.4.3)
    bosh_common (1.5.0.pre.3)
    bosh_cpi (1.5.0.pre.3)
      bosh_common (~> 1.5.0.pre.3)
    bosh_deployer (1.5.0.pre.3)
      agent_client (~> 1.5.0.pre.3)
      bosh_aws_cpi (~> 1.5.0.pre.3)
      bosh_cli (~> 1.5.0.pre.3)
      bosh_cpi (~> 1.5.0.pre.3)
      bosh_openstack_cpi (~> 1.5.0.pre.3)
      bosh_registry (~> 1.5.0.pre.3)
      bosh_vcloud_cpi (~> 1.5.0.pre.3)
      bosh_vsphere_cpi (~> 1.5.0.pre.3)
      sqlite3 (~> 1.3.7)
    bosh_openstack_cpi (1.5.0.pre.3)
      bosh_common (~> 1.5.0.pre.3)
      bosh_cpi (~> 1.5.0.pre.3)
      fog (~> 1.10.0)
      httpclient (= 2.2.4)
      yajl-ruby (>= 0.8.2)
    bosh_registry (1.5.0.pre.3)
      aws-sdk (= 1.8.5)
      fog (~> 1.10.0)
      sequel (~> 3.43.0)
      sinatra (~> 1.2.8)
      thin (~> 1.5.0)
      yajl-ruby (~> 1.1.0)
    bosh_vcloud_cpi (1.5.0.pre.3)
      bosh_common (~> 1.5.0.pre.3)
      bosh_cpi (~> 1.5.0.pre.3)
      ruby_vcloud_sdk (~> 1.5.0.pre.3)
      yajl-ruby (>= 0.8.2)
    bosh_vsphere_cpi (1.5.0.pre.3)
      bosh_common (~> 1.5.0.pre.3)
      bosh_cpi (~> 1.5.0.pre.3)
      membrane (~> 0.0.2)
      ruby_vim_sdk (~> 1.5.0.pre.3)
      sequel (~> 3.43.0)
    ruby_vcloud_sdk (1.5.0.pre.3)
      builder (~> 3.1.4)
      httpclient (= 2.2.4)
      nokogiri (= 1.5.6)
      rest-client (~> 1.6.7)
    ruby_vim_sdk (1.5.0.pre.3)
      builder (~> 3.1.4)
      httpclient (= 2.2.4)
      nokogiri (~> 1.5.6)

GEM
  remote: https://rubygems.org/
  specs:
    archive-tar-minitar (0.5.2)
    aws-sdk (1.8.5)
      json (~> 1.4)
      nokogiri (>= 1.4.4)
      uuidtools (~> 2.1)
    backports (3.1.1)
    builder (3.1.4)
    daemons (1.1.9)
    eventmachine (1.0.3)
    excon (0.20.1)
    fog (1.10.0)
      builder
      excon (~> 0.14)
      formatador (~> 0.2.0)
      mime-types
      multi_json (~> 1.0)
      net-scp (~> 1.1)
      net-ssh (>= 2.1.3)
      nokogiri (~> 1.5.0)
      ruby-hmac
    formatador (0.2.4)
    highline (1.6.16)
    httpclient (2.2.4)
    json (1.7.7)
    json_pure (1.7.7)
    log4r (1.1.10)
    membrane (0.0.2)
    mime-types (1.21)
    multi_json (1.7.2)
    net-scp (1.1.0)
      net-ssh (>= 2.6.5)
    net-ssh (2.6.6)
    net-ssh-gateway (1.1.0)
      net-ssh (>= 1.99.1)
    netaddr (1.5.0)
    nokogiri (1.5.6)
    progressbar (0.9.2)
    rack (1.4.5)
    rest-client (1.6.7)
      mime-types (>= 1.16)
    ruby-atmos-pure (1.0.5)
      log4r (>= 1.1.9)
      ruby-hmac (>= 0.4.0)
    ruby-hmac (0.4.0)
    sequel (3.43.0)
    sinatra (1.2.9)
      backports
      rack (~> 1.1, < 1.5)
      tilt (>= 1.2.2, < 2.0)
    sqlite3 (1.3.7)
    terminal-table (1.4.5)
    thin (1.5.1)
      daemons (>= 1.0.9)
      eventmachine (>= 0.12.6)
      rack (>= 1.0.0)
    tilt (1.3.6)
    uuidtools (2.1.3)
    yajl-ruby (1.1.0)

PLATFORMS
  ruby

DEPENDENCIES
  bosh_cli (~> 1.5.0.pre.3)!
  bosh_deployer (~> 1.5.0.pre.3)!
  net-ssh-gateway (= 1.1.0)
