GEM
  remote: http://rubygems.org/
  specs:
    builder (3.1.4)
    colorize (0.5.8)
    nokogiri (1.5.5)
    rbvmomi (1.6.0)
      builder
      nokogiri (>= 1.4.1)
      trollop
    trollop (2.0)

PLATFORMS
  ruby

DEPENDENCIES
  colorize
  rbvmomi
  trollop
