GIT
  remote: git@github.com:UhuruSoftware/private-bosh.git
  revision: c90efd7de741f3720a536ac636ef2f363a635b81
  ref: c90efd7de741f3720a536ac636ef2f363a635b81
  specs:
    bosh_cli (1.5.0.pre.3)
      archive-tar-minitar (~> 0.5)
      blobstore_client (~> 1.5.0.pre.3)
      bosh_common (~> 1.5.0.pre.3)
      highline (~> 1.6.2)
      httpclient (= 2.2.4)
      json_pure (~> 1.7.6)
      net-scp (~> 1.1.0)
      net-ssh (>= 2.2.1)
      net-ssh-gateway (~> 1.1.0)
      netaddr (~> 1.5.0)
      progressbar (~> 0.9.0)
      terminal-table (~> 1.4.3)

GIT
  remote: https://github.com/cloudfoundry/bosh
  revision: 6922cc4f01de98b8b7b31c61187635acb5114b7e
  specs:
    blobstore_client (1.5.0.pre.3)
      aws-sdk (= 1.8.5)
      bosh_common (~> 1.5.0.pre.3)
      fog (~> 1.12.1)
      httpclient (= 2.2.4)
      multi_json (~> 1.1)
      ruby-atmos-pure (~> 1.0.5)
    bosh_common (1.5.0.pre.3)

GEM
  remote: https://rubygems.org/
  specs:
    archive-tar-minitar (0.5.2)
    aws-sdk (1.8.5)
      json (~> 1.4)
      nokogiri (>= 1.4.4)
      uuidtools (~> 2.1)
    builder (3.2.2)
    excon (0.23.0)
    fog (1.12.1)
      builder
      excon (~> 0.23.0)
      formatador (~> 0.2.0)
      mime-types
      multi_json (~> 1.0)
      net-scp (~> 1.1)
      net-ssh (>= 2.1.3)
      nokogiri (~> 1.5.0)
      ruby-hmac
    formatador (0.2.4)
    highline (1.6.19)
    httpclient (2.2.4)
    json (1.8.0)
    json_pure (1.7.7)
    log4r (1.1.10)
    mime-types (1.23)
    multi_json (1.7.7)
    net-scp (1.1.1)
      net-ssh (>= 2.6.5)
    net-ssh (2.6.7)
    net-ssh-gateway (1.1.0)
      net-ssh (>= 1.99.1)
    netaddr (1.5.0)
    nokogiri (1.5.10)
    progressbar (0.9.2)
    ruby-atmos-pure (1.0.5)
      log4r (>= 1.1.9)
      ruby-hmac (>= 0.4.0)
    ruby-hmac (0.4.0)
    terminal-table (1.4.5)
    uuidtools (2.1.4)

PLATFORMS
  ruby

DEPENDENCIES
  blobstore_client!
  bosh_cli (~> 1.5.0.pre.3)!
