GIT
  remote: https://github.com/UhuruSoftware/bosh.git
  revision: 88c3cc7b25ec5df7098edd6de3adf74ec4750680
  ref: 88c3cc7b25ec5df7098edd6de3adf74ec4750680
  specs:
    bosh_cli (1.1868.0)
      blobstore_client (~> 1.1868.0)
      bosh_common (~> 1.1868.0)
      highline (~> 1.6.2)
      httpclient (= 2.2.4)
      json_pure (~> 1.7)
      minitar (~> 0.5.4)
      net-scp (~> 1.1.0)
      net-ssh (>= 2.2.1)
      net-ssh-gateway (~> 1.1.0)
      netaddr (~> 1.5.0)
      progressbar (~> 0.9.0)
      terminal-table (~> 1.4.3)

GIT
  remote: https://github.com/UhuruSoftware/bosh.git
  revision: 88c3cc7b25ec5df7098edd6de3adf74ec4750680
  specs:
    blobstore_client (1.1868.0)
      aws-sdk (= 1.8.5)
      bosh_common (~> 1.1868.0)
      fog (~> 1.14.0)
      httpclient (= 2.2.4)
      multi_json (~> 1.1)
      net-sftp (~> 2.1.2)
      ruby-atmos-pure (~> 1.0.5)
    bosh_common (1.1868.0)

GEM
  remote: https://rubygems.org/
  specs:
    aws-sdk (1.8.5)
      json (~> 1.4)
      nokogiri (>= 1.4.4)
      uuidtools (~> 2.1)
    builder (3.2.2)
    excon (0.25.3)
    fog (1.14.0)
      builder
      excon (~> 0.25.0)
      formatador (~> 0.2.0)
      mime-types
      multi_json (~> 1.0)
      net-scp (~> 1.1)
      net-ssh (>= 2.1.3)
      nokogiri (~> 1.5)
      ruby-hmac
    formatador (0.2.4)
    highline (1.6.21)
    httpclient (2.2.4)
    json (1.8.1)
    json_pure (1.8.1)
    log4r (1.1.10)
    mime-types (2.2)
    mini_portile (0.6.0)
    minitar (0.5.4)
    multi_json (1.10.0)
    net-scp (1.1.2)
      net-ssh (>= 2.6.5)
    net-sftp (2.1.2)
      net-ssh (>= 2.6.5)
    net-ssh (2.9.1)
    net-ssh-gateway (1.1.0)
      net-ssh (>= 1.99.1)
    netaddr (1.5.0)
    nokogiri (1.6.2.1)
      mini_portile (= 0.6.0)
    progressbar (0.9.2)
    ruby-atmos-pure (1.0.5)
      log4r (>= 1.1.9)
      ruby-hmac (>= 0.4.0)
    ruby-hmac (0.4.0)
    terminal-table (1.4.5)
    uuidtools (2.1.4)

PLATFORMS
  ruby

DEPENDENCIES
  blobstore_client!
  bosh_cli!
