GIT
  remote: git@github.com:UhuruSoftware/private-bosh.git
  revision: c90efd7de741f3720a536ac636ef2f363a635b81
  ref: c90efd7de741f3720a536ac636ef2f363a635b81
  specs:
    bosh_cli (1.5.0.pre.3)
      archive-tar-minitar (~> 0.5)
      blobstore_client (~> 1.5.0.pre.3)
      bosh_common (~> 1.5.0.pre.3)
      highline (~> 1.6.2)
      httpclient (= 2.2.4)
      json_pure (~> 1.7.6)
      net-scp (~> 1.1.0)
      net-ssh (>= 2.2.1)
      net-ssh-gateway (~> 1.1.0)
      netaddr (~> 1.5.0)
      progressbar (~> 0.9.0)
      terminal-table (~> 1.4.3)
    bosh_deployer (1.5.0.pre.3)
      agent_client (~> 1.5.0.pre.3)
      bosh_aws_cpi (~> 1.5.0.pre.3)
      bosh_cli (~> 1.5.0.pre.3)
      bosh_cpi (~> 1.5.0.pre.3)
      bosh_openstack_cpi (~> 1.5.0.pre.3)
      bosh_registry (~> 1.5.0.pre.3)
      bosh_vcloud_cpi (~> 1.5.0.pre.3)
      bosh_vsphere_cpi (~> 1.5.0.pre.3)
      sqlite3 (~> 1.3.7)

GIT
  remote: https://github.com/cloudfoundry/bosh
  revision: a842f1c553246a83b81972851d0de66c6c74a5d1
  specs:
    agent_client (1.5.0.pre.3)
      httpclient (= 2.2.4)
      yajl-ruby (~> 1.1.0)
    blobstore_client (1.5.0.pre.3)
      aws-sdk (= 1.8.5)
      bosh_common (~> 1.5.0.pre.3)
      fog (~> 1.11.1)
      httpclient (= 2.2.4)
      multi_json (~> 1.1)
      ruby-atmos-pure (~> 1.0.5)
    bosh_aws_cpi (1.5.0.pre.3)
      aws-sdk (= 1.8.5)
      bosh_common (~> 1.5.0.pre.3)
      bosh_cpi (~> 1.5.0.pre.3)
      bosh_registry (~> 1.5.0.pre.3)
      httpclient (= 2.2.4)
      yajl-ruby (>= 0.8.2)
    bosh_common (1.5.0.pre.3)
    bosh_cpi (1.5.0.pre.3)
      bosh_common (~> 1.5.0.pre.3)
    bosh_openstack_cpi (1.5.0.pre.3)
      bosh_common (~> 1.5.0.pre.3)
      bosh_cpi (~> 1.5.0.pre.3)
      bosh_registry (~> 1.5.0.pre.3)
      fog (~> 1.11.1)
      httpclient (= 2.2.4)
      yajl-ruby (>= 0.8.2)
    bosh_registry (1.5.0.pre.3)
      aws-sdk (= 1.8.5)
      fog (~> 1.11.1)
      sequel (~> 3.43.0)
      sinatra (~> 1.4.2)
      thin (~> 1.5.0)
      yajl-ruby (~> 1.1.0)
    bosh_vcloud_cpi (1.5.0.pre.3)
      bosh_common (~> 1.5.0.pre.3)
      bosh_cpi (~> 1.5.0.pre.3)
      ruby_vcloud_sdk (~> 1.5.0.pre.3)
      yajl-ruby (>= 0.8.2)
    bosh_vsphere_cpi (1.5.0.pre.3)
      bosh_common (~> 1.5.0.pre.3)
      bosh_cpi (~> 1.5.0.pre.3)
      membrane (~> 0.0.2)
      ruby_vim_sdk (~> 1.5.0.pre.3)
      sequel (~> 3.43.0)
    monit_api (1.5.0.pre.3)
      crack (~> 0.3.2)
    ruby_vcloud_sdk (1.5.0.pre.3)
      builder (~> 3.1.4)
      httpclient (= 2.2.4)
      nokogiri (= 1.5.6)
      rest-client (~> 1.6.7)
    ruby_vim_sdk (1.5.0.pre.3)
      builder (~> 3.1.4)
      httpclient (= 2.2.4)
      nokogiri (~> 1.5.6)

GEM
  remote: https://rubygems.org/
  specs:
    activesupport (3.2.13)
      i18n (= 0.6.1)
      multi_json (~> 1.0)
    addressable (2.3.4)
    archive-tar-minitar (0.5.2)
    aws-sdk (1.8.5)
      json (~> 1.4)
      nokogiri (>= 1.4.4)
      uuidtools (~> 2.1)
    backports (3.3.1)
    bcrypt-ruby (3.0.1)
    builder (3.1.4)
    cf-uaa-lib (1.3.10)
      multi_json
    cfoundry (1.0.0)
      cf-uaa-lib (~> 1.3.10)
      multi_json (~> 1.3)
      multipart-post (~> 1.1)
      rubyzip (~> 0.9)
    cookiejar (0.3.0)
    crack (0.3.2)
    daemons (1.1.9)
    descendants_tracker (0.0.1)
    diff-lcs (1.2.4)
    em-http-request (1.0.3)
      addressable (>= 2.2.3)
      cookiejar
      em-socksify
      eventmachine (>= 1.0.0.beta.4)
      http_parser.rb (>= 0.5.3)
    em-socksify (0.2.1)
      eventmachine (>= 1.0.0.beta.4)
    eventmachine (1.0.3)
    excon (0.23.0)
    fluent-logger (0.4.5)
      msgpack (= 0.4.7)
      yajl-ruby (~> 1.0)
    fog (1.11.1)
      builder
      excon (~> 0.20)
      formatador (~> 0.2.0)
      json (~> 1.7)
      mime-types
      net-scp (~> 1.1)
      net-ssh (>= 2.1.3)
      nokogiri (~> 1.5.0)
      ruby-hmac
    formatador (0.2.4)
    grape (0.4.1)
      activesupport
      builder
      hashie (>= 1.2.0)
      multi_json (>= 1.3.2)
      multi_xml (>= 0.5.2)
      rack (>= 1.3.0)
      rack-accept
      rack-mount
      virtus
    hashie (2.0.5)
    highline (1.6.19)
    http_parser.rb (0.5.3)
    httpclient (2.2.4)
    i18n (0.6.1)
    ip (0.3.0)
    ipaddress (0.8.0)
    ipadmin (0.4.1)
    json (1.8.0)
    json_pure (1.7.7)
    log4r (1.1.10)
    membrane (0.0.2)
    mime-types (1.23)
    msgpack (0.4.7)
    multi_json (1.7.6)
    multi_xml (0.5.4)
    multipart-post (1.2.0)
    nats (0.4.26)
      daemons (>= 1.1.5)
      eventmachine (>= 0.12.10)
      json_pure (>= 1.7.3)
      thin (>= 1.4.1)
    net-scp (1.1.1)
      net-ssh (>= 2.6.5)
    net-ssh (2.6.7)
    net-ssh-gateway (1.1.0)
      net-ssh (>= 1.99.1)
    netaddr (1.5.0)
    nokogiri (1.5.6)
    pg (0.15.1)
    posix-spawn (0.3.6)
    progressbar (0.9.2)
    rack (1.5.2)
    rack-accept (0.4.5)
      rack (>= 0.4)
    rack-mount (0.8.3)
      rack (>= 1.0.0)
    rack-protection (1.5.0)
      rack
    rack-reverse-proxy (0.4.4)
      rack (>= 1.0.0)
    rake (10.0.4)
    rbvmomi (1.6.0)
      builder
      nokogiri (>= 1.4.1)
      trollop
    rest-client (1.6.7)
      mime-types (>= 1.16)
    rspec (2.13.0)
      rspec-core (~> 2.13.0)
      rspec-expectations (~> 2.13.0)
      rspec-mocks (~> 2.13.0)
    rspec-core (2.13.1)
    rspec-expectations (2.13.0)
      diff-lcs (>= 1.1.3, < 2.0)
    rspec-mocks (2.13.1)
    ruby-atmos-pure (1.0.5)
      log4r (>= 1.1.9)
      ruby-hmac (>= 0.4.0)
    ruby-hmac (0.4.0)
    rubyzip (0.9.9)
    sequel (3.43.0)
    sinatra (1.4.3)
      rack (~> 1.4)
      rack-protection (~> 1.4)
      tilt (~> 1.3, >= 1.3.4)
    sinatra-session (1.0.0)
      sinatra (>= 1.0)
    sqlite3 (1.3.7)
    steno (1.0.4)
      fluent-logger
      grape
      yajl-ruby (~> 1.0)
    terminal-table (1.4.5)
    thin (1.5.1)
      daemons (>= 1.0.9)
      eventmachine (>= 0.12.6)
      rack (>= 1.0.0)
    tilt (1.4.1)
    trollop (2.0)
    uuidtools (2.1.4)
    vcap_common (2.0.11)
      em-http-request (~> 1.0)
      eventmachine
      httpclient
      membrane (~> 0.0.2)
      mime-types
      multipart-post
      nats (~> 0.4.24)
      posix-spawn (~> 0.3.6)
      thin
      vmstat (~> 2.0)
      yajl-ruby
    vcap_logging (0.1.4)
      rake
    virtus (0.5.5)
      backports (~> 3.3)
      descendants_tracker (~> 0.0.1)
    vmstat (2.0.0)
    yajl-ruby (1.1.0)

PLATFORMS
  ruby

DEPENDENCIES
  archive-tar-minitar (~> 0.5.2)
  bcrypt-ruby
  blobstore_client!
  bosh_cli (~> 1.5.0.pre.3)!
  bosh_deployer (~> 1.5.0.pre.3)!
  cfoundry
  ip
  ipaddress
  ipadmin
  monit_api
  net-ssh-gateway (= 1.1.0)
  netaddr
  pg
  rack-reverse-proxy
  rake
  rbvmomi
  rspec
  sequel
  sinatra
  sinatra-session
  steno (~> 1.0.2)
  thin
  uuidtools
  vcap_common
  vcap_logging
  yajl-ruby
