GIT
  remote: git@github.com:UhuruSoftware/private-bosh.git
  revision: 388d53aa7c443622a1b8c52be42ad5a1357aeb2c
  ref: 388d53aa7c443622a1b8c52be42ad5a1357aeb2c
  specs:
    agent_client (1.1868.0)
      httpclient (= 2.2.4)
      yajl-ruby (~> 1.1.0)
    blobstore_client (1.1868.0)
      aws-sdk (= 1.8.5)
      bosh_common (~> 1.1868.0)
      fog (~> 1.14.0)
      httpclient (= 2.2.4)
      multi_json (~> 1.1)
      net-sftp (~> 2.1.2)
      ruby-atmos-pure (~> 1.0.5)
    bosh-registry (1.1868.0)
      aws-sdk (= 1.8.5)
      fog (~> 1.14.0)
      sequel (~> 3.43.0)
      sinatra (~> 1.4.2)
      thin (~> 1.5.0)
      yajl-ruby (~> 1.1.0)
    bosh-stemcell (1.1868.0)
      bosh_aws_cpi (~> 1.1868.0)
    bosh_aws_cpi (1.1868.0)
      aws-sdk (= 1.8.5)
      bosh-registry (~> 1.1868.0)
      bosh_common (~> 1.1868.0)
      bosh_cpi (~> 1.1868.0)
      httpclient (= 2.2.4)
      yajl-ruby (>= 0.8.2)
    bosh_cli (1.1868.0)
      blobstore_client (~> 1.1868.0)
      bosh_common (~> 1.1868.0)
      highline (~> 1.6.2)
      httpclient (= 2.2.4)
      json_pure (~> 1.7)
      minitar (~> 0.5.4)
      net-scp (~> 1.1.0)
      net-ssh (>= 2.2.1)
      net-ssh-gateway (~> 1.1.0)
      netaddr (~> 1.5.0)
      progressbar (~> 0.9.0)
      terminal-table (~> 1.4.3)
    bosh_cli_plugin_micro (1.1868.0)
      agent_client (~> 1.1868.0)
      bosh-registry (~> 1.1868.0)
      bosh-stemcell (~> 1.1868.0)
      bosh_aws_cpi (~> 1.1868.0)
      bosh_cli (~> 1.1868.0)
      bosh_cpi (~> 1.1868.0)
      bosh_openstack_cpi (~> 1.1868.0)
      bosh_vcloud_cpi (~> 0.4.9)
      bosh_vsphere_cpi (~> 1.1868.0)
      sqlite3 (~> 1.3.7)
    bosh_common (1.1868.0)
    bosh_cpi (1.1868.0)
      bosh_common (~> 1.1868.0)
    bosh_openstack_cpi (1.1868.0)
      bosh-registry (~> 1.1868.0)
      bosh_common (~> 1.1868.0)
      bosh_cpi (~> 1.1868.0)
      fog (~> 1.14.0)
      httpclient (= 2.2.4)
      yajl-ruby (>= 0.8.2)
    bosh_vsphere_cpi (1.1868.0)
      bosh_common (~> 1.1868.0)
      bosh_cpi (~> 1.1868.0)
      membrane (~> 0.0.2)
      sequel (~> 3.43.0)

GEM
  remote: https://rubygems.org/
  specs:
    activesupport (4.0.2)
      i18n (~> 0.6, >= 0.6.4)
      minitest (~> 4.2)
      multi_json (~> 1.3)
      thread_safe (~> 0.1)
      tzinfo (~> 0.3.37)
    addressable (2.3.5)
    archive-tar-minitar (0.5.2)
    atomic (1.1.14)
    aws-sdk (1.8.5)
      json (~> 1.4)
      nokogiri (>= 1.4.4)
      uuidtools (~> 2.1)
    axiom-types (0.0.5)
      descendants_tracker (~> 0.0.1)
      ice_nine (~> 0.9)
    bcrypt-ruby (3.1.2)
    bcrypt-ruby (3.1.2-x86-mingw32)
    bosh_vcloud_cpi (0.4.9)
      bosh_common
      bosh_cpi (>= 0.4.2)
      ruby_vcloud_sdk
      uuidtools
      yajl-ruby (>= 0.8.2)
    builder (3.2.2)
    cfoundry (0.1.0)
      json_pure
      rest-client
      rubyzip
    coercible (1.0.0)
      descendants_tracker (~> 0.0.1)
    cookiejar (0.3.0)
    crack (0.4.2)
      safe_yaml (~> 1.0.0)
    daemons (1.1.9)
    descendants_tracker (0.0.3)
    diff-lcs (1.2.5)
    em-http-request (1.1.2)
      addressable (>= 2.3.4)
      cookiejar
      em-socksify (>= 0.3)
      eventmachine (>= 1.0.3)
      http_parser.rb (>= 0.6.0)
    em-socksify (0.3.0)
      eventmachine (>= 1.0.0.beta.4)
    equalizer (0.0.9)
    eventmachine (1.0.3)
    eventmachine (1.0.3-x86-mingw32)
    excon (0.25.3)
    ffi (1.9.3-x86-mingw32)
    fluent-logger (0.4.7)
      msgpack (>= 0.4.4, < 0.6.0, != 0.5.3, != 0.5.2, != 0.5.1, != 0.5.0)
      yajl-ruby (~> 1.0)
    fog (1.14.0)
      builder
      excon (~> 0.25.0)
      formatador (~> 0.2.0)
      mime-types
      multi_json (~> 1.0)
      net-scp (~> 1.1)
      net-ssh (>= 2.1.3)
      nokogiri (~> 1.5)
      ruby-hmac
    formatador (0.2.4)
    grape (0.6.1)
      activesupport
      builder
      hashie (>= 1.2.0)
      multi_json (>= 1.3.2)
      multi_xml (>= 0.5.2)
      rack (>= 1.3.0)
      rack-accept
      rack-mount
      virtus (>= 1.0.0)
    hashie (2.0.5)
    highline (1.6.20)
    http_parser.rb (0.6.0)
    httpclient (2.2.4)
    i18n (0.6.9)
    ice_nine (0.11.0)
    ip (0.3.1)
    ipaddress (0.8.0)
    ipadmin (0.4.1)
    json (1.8.1)
    json_pure (1.8.1)
    log4r (1.1.10)
    membrane (0.0.2)
    mime-types (2.1)
    minitar (0.5.4)
    minitest (4.7.5)
    msgpack (0.5.8)
    msgpack (0.5.8-x86-mingw32)
    multi_json (1.8.4)
    multi_xml (0.5.5)
    multipart-post (2.0.0)
    nats (0.4.26)
      daemons (>= 1.1.5)
      eventmachine (>= 0.12.10)
      json_pure (>= 1.7.3)
      thin (>= 1.4.1)
    net-scp (1.1.2)
      net-ssh (>= 2.6.5)
    net-sftp (2.1.2)
      net-ssh (>= 2.6.5)
    net-ssh (2.8.0)
    net-ssh-gateway (1.1.0)
      net-ssh (>= 1.99.1)
    netaddr (1.5.0)
    nokogiri (1.5.5)
    nokogiri (1.5.5-x86-mingw32)
    pg (0.17.1)
    pg (0.17.1-x86-mingw32)
    plugin_manager (1.5)
    posix-spawn (0.3.8)
    progressbar (0.9.2)
    rack (1.5.2)
    rack-accept (0.4.5)
      rack (>= 0.4)
    rack-mount (0.8.3)
      rack (>= 1.0.0)
    rack-protection (1.5.2)
      rack
    rack-reverse-proxy (0.4.4)
      rack (>= 1.0.0)
    rack-test (0.6.2)
      rack (>= 1.0)
    rake (10.1.1)
    rbvmomi (1.8.1)
      builder
      nokogiri (>= 1.4.1)
      trollop
    rest-client (1.6.7)
      mime-types (>= 1.16)
    rspec (2.14.1)
      rspec-core (~> 2.14.0)
      rspec-expectations (~> 2.14.0)
      rspec-mocks (~> 2.14.0)
    rspec-core (2.14.7)
    rspec-expectations (2.14.5)
      diff-lcs (>= 1.1.3, < 2.0)
    rspec-mocks (2.14.5)
    ruby-atmos-pure (1.0.5)
      log4r (>= 1.1.9)
      ruby-hmac (>= 0.4.0)
    ruby-hmac (0.4.0)
    ruby_vcloud_sdk (0.4.8)
      builder
      httpclient
      nokogiri (~> 1.5)
      rest-client
    rubyzip (1.1.0)
    safe_yaml (1.0.1)
    sequel (3.43.0)
    sinatra (1.4.4)
      rack (~> 1.4)
      rack-protection (~> 1.4)
      tilt (~> 1.3, >= 1.3.4)
    sinatra-session (1.0.0)
      sinatra (>= 1.0)
    sqlite3 (1.3.9)
    sqlite3 (1.3.9-x86-mingw32)
    steno (1.2.2)
      fluent-logger
      grape
      yajl-ruby (~> 1.0)
    steno (1.2.2-x86-mingw32)
      fluent-logger
      grape
      win32-eventlog
      yajl-ruby (~> 1.0)
    terminal-table (1.4.5)
    thin (1.5.1)
      daemons (>= 1.0.9)
      eventmachine (>= 0.12.6)
      rack (>= 1.0.0)
    thread_safe (0.1.3)
      atomic
    tilt (1.4.1)
    trollop (2.0)
    tzinfo (0.3.38)
    uuidtools (2.1.4)
    vcap_common (2.0.11)
      em-http-request (~> 1.0)
      eventmachine
      httpclient
      membrane (~> 0.0.2)
      mime-types
      multipart-post
      nats (~> 0.4.24)
      posix-spawn (~> 0.3.6)
      thin
      vmstat (~> 2.0)
      yajl-ruby
    vcap_logging (0.1.4)
      rake
    virtus (1.0.1)
      axiom-types (~> 0.0.5)
      coercible (~> 1.0)
      descendants_tracker (~> 0.0.1)
      equalizer (~> 0.0.7)
    vmstat (2.1.0)
    win32-eventlog (0.6.0)
      ffi
    yajl-ruby (1.1.0)
    yajl-ruby (1.1.0-x86-mingw32)

PLATFORMS
  ruby
  x86-mingw32

DEPENDENCIES
  archive-tar-minitar (~> 0.5.2)
  bcrypt-ruby
  blobstore_client!
  bosh_cli!
  bosh_cli_plugin_micro!
  cfoundry
  crack
  ip
  ipaddress
  ipadmin
  net-ssh-gateway (= 1.1.0)
  netaddr
  nokogiri (= 1.5.5)
  pg
  plugin_manager (~> 1.5)
  rack-reverse-proxy
  rack-test
  rake
  rbvmomi
  rspec (~> 2.10)
  sequel
  sinatra
  sinatra-session
  steno
  thin
  uuidtools
  vcap_common
  vcap_logging
  yajl-ruby
