GIT
  remote: git@github.com:UhuruSoftware/private-bosh.git
  revision: 1b33cefd20b53745dfc48d4a9e1dce8953695663
  ref: 1b33cef
  specs:
    bosh_cli (1.0.3)
      blobstore_client (~> 0.4.0)
      bosh_common (>= 0.5.1)
      highline (~> 1.6.2)
      httpclient (>= 2.3.2, <= 2.3.2)
      json_pure (>= 1.7.3)
      net-scp (~> 1.0.4)
      net-ssh (~> 2.2.1)
      net-ssh-gateway (~> 1.1.0)
      netaddr (~> 1.5.0)
      progressbar (~> 0.9.0)
      terminal-table (~> 1.4.2)
    monit_api (1.0.2)
      crack

GIT
  remote: https://github.com/cloudfoundry/common.git
  revision: e36886a189b82f880a5aa3e9169712d5d9048a88
  ref: e36886a1
  specs:
    vcap_logging (1.0.1)
      rake

GIT
  remote: https://github.com/cloudfoundry/vcap-common.git
  revision: 7b7dd74ddffeb5293af2325f0ed6efb35e226774
  ref: 7b7dd74d
  specs:
    vcap_common (2.0.9)
      em-http-request (~> 1.0.0.beta3)
      eventmachine
      httpclient
      membrane (~> 0.0.2)
      mime-types
      multipart-post
      nats (~> 0.4.24)
      posix-spawn (~> 0.3.6)
      thin
      yajl-ruby

GEM
  remote: http://rubygems.org/
  specs:
    addressable (2.3.2)
    aws-s3 (0.6.3)
      builder
      mime-types
      xml-simple
    bcrypt-ruby (3.0.1)
    blobstore_client (0.4.0)
      aws-s3 (~> 0.6.2)
      bosh_common (~> 0.5)
      httpclient (>= 2.2)
      multi_json (~> 1.1.0)
      ruby-atmos-pure (~> 1.0.5)
      uuidtools (~> 2.1.2)
    bosh_common (0.5.4)
    builder (3.1.4)
    cfoundry (0.1.0)
      json_pure
      rest-client
      rubyzip
    cookiejar (0.3.0)
    crack (0.3.2)
    daemons (1.1.9)
    em-http-request (1.0.3)
      addressable (>= 2.2.3)
      cookiejar
      em-socksify
      eventmachine (>= 1.0.0.beta.4)
      http_parser.rb (>= 0.5.3)
    em-socksify (0.2.1)
      eventmachine (>= 1.0.0.beta.4)
    eventmachine (1.0.0)
    grape (0.2.1.1)
      hashie (~> 1.2)
      multi_json
      multi_xml (>= 0.5.2)
      rack
      rack-mount
    hashie (1.2.0)
    highline (1.6.15)
    http_parser.rb (0.5.3)
    httpclient (2.3.2)
    json_pure (1.7.6)
    log4r (1.1.10)
    membrane (0.0.2)
    mime-types (1.20.1)
    multi_json (1.1.0)
    multi_xml (0.5.2)
    multipart-post (1.1.5)
    nats (0.4.26)
      daemons (>= 1.1.5)
      eventmachine (>= 0.12.10)
      json_pure (>= 1.7.3)
      thin (>= 1.4.1)
    net-scp (1.0.4)
      net-ssh (>= 1.99.1)
    net-ssh (2.2.2)
    net-ssh-gateway (1.1.0)
      net-ssh (>= 1.99.1)
    netaddr (1.5.0)
    pg (0.14.1)
    posix-spawn (0.3.6)
    progressbar (0.9.2)
    rack (1.5.1)
    rack-mount (0.8.3)
      rack (>= 1.0.0)
    rack-protection (1.3.2)
      rack
    rake (10.0.3)
    rest-client (1.6.7)
      mime-types (>= 1.16)
    ruby-atmos-pure (1.0.5)
      log4r (>= 1.1.9)
      ruby-hmac (>= 0.4.0)
    ruby-hmac (0.4.0)
    rubyzip (0.9.9)
    sequel (3.43.0)
    sinatra (1.3.4)
      rack (~> 1.4)
      rack-protection (~> 1.3)
      tilt (~> 1.3, >= 1.3.3)
    sinatra-session (1.0.0)
      sinatra (>= 1.0)
    steno (1.0.2)
      grape
      yajl-ruby (~> 1.0)
    terminal-table (1.4.5)
    thin (1.5.0)
      daemons (>= 1.0.9)
      eventmachine (>= 0.12.6)
      rack (>= 1.0.0)
    tilt (1.3.3)
    uuidtools (2.1.3)
    xml-simple (1.1.2)
    yajl-ruby (1.1.0)

PLATFORMS
  ruby

DEPENDENCIES
  bcrypt-ruby
  bosh_cli (~> 1.0.3)!
  cfoundry
  monit_api
  pg
  sequel
  sinatra
  sinatra-session
  steno (~> 1.0.2)
  thin (~> 1.5.0)
  uuidtools
  vcap_common (~> 2.0.8)!
  vcap_logging!
  yajl-ruby
