GIT
  remote: git@github.com:UhuruSoftware/private-bosh.git
  revision: 773da62bd10b7e1e2bddb0b338e6d51907486c32
  specs:
    blobstore_client (1.5.0.pre.3)
      aws-sdk (= 1.8.5)
      bosh_common (~> 1.5.0.pre.3)
      fog (~> 1.12.1)
      httpclient (= 2.2.4)
      multi_json (~> 1.1)
      ruby-atmos-pure (~> 1.0.5)
    bosh_common (1.5.0.pre.3)

GEM
  remote: https://rubygems.org/
  specs:
    aws-sdk (1.8.5)
      json (~> 1.4)
      nokogiri (>= 1.4.4)
      uuidtools (~> 2.1)
    builder (3.2.2)
    escort (0.4.0)
      nesty
    excon (0.23.0)
    fog (1.12.1)
      builder
      excon (~> 0.23.0)
      formatador (~> 0.2.0)
      mime-types
      multi_json (~> 1.0)
      net-scp (~> 1.1)
      net-ssh (>= 2.1.3)
      nokogiri (~> 1.5.0)
      ruby-hmac
    formatador (0.2.4)
    httpclient (2.2.4)
    json (1.8.0)
    log4r (1.1.10)
    mime-types (1.23)
    multi_json (1.7.7)
    nesty (1.0.2)
    net-scp (1.1.2)
      net-ssh (>= 2.6.5)
    net-ssh (2.6.8)
    nokogiri (1.5.10)
    rb-readline (0.5.0)
    ruby-atmos-pure (1.0.5)
      log4r (>= 1.1.9)
      ruby-hmac (>= 0.4.0)
    ruby-hmac (0.4.0)
    terminal-table (1.4.5)
    uuidtools (2.1.4)

PLATFORMS
  ruby

DEPENDENCIES
  blobstore_client!
  escort
  rb-readline
  terminal-table
