GIT
  remote: git@github.com:UhuruSoftware/private-bosh.git
  revision: 8d9937bfd8dfaeb9026613ba5420befe47e12ecc
  specs:
    blobstore_client (1.5.0.pre.3)
      aws-sdk (= 1.8.5)
      bosh_common (~> 1.5.0.pre.3)
      fog (~> 1.12.1)
      httpclient (= 2.2.4)
      multi_json (~> 1.1)
      ruby-atmos-pure (~> 1.0.5)
    bosh_cli (1.5.0.pre.3)
      blobstore_client (~> 1.5.0.pre.3)
      bosh_common (~> 1.5.0.pre.3)
      highline (~> 1.6.2)
      httpclient (= 2.2.4)
      json_pure (~> 1.7)
      minitar (~> 0.5.4)
      net-scp (~> 1.1.0)
      net-ssh (>= 2.2.1)
      net-ssh-gateway (~> 1.1.0)
      netaddr (~> 1.5.0)
      progressbar (~> 0.9.0)
      terminal-table (~> 1.4.3)
    bosh_common (1.5.0.pre.3)

PATH
  remote: .
  specs:
    uhuru-publisher (0.0.1)
      colorize
      escort
      json
      rb-readline
      rdoc
      sinatra
      terminal-table

GEM
  remote: https://rubygems.org/
  specs:
    aws-sdk (1.8.5)
      json (~> 1.4)
      nokogiri (>= 1.4.4)
      uuidtools (~> 2.1)
    builder (3.2.2)
    colorize (0.5.8)
    escort (0.4.0)
      nesty
    excon (0.23.0)
    fog (1.12.1)
      builder
      excon (~> 0.23.0)
      formatador (~> 0.2.0)
      mime-types
      multi_json (~> 1.0)
      net-scp (~> 1.1)
      net-ssh (>= 2.1.3)
      nokogiri (~> 1.5.0)
      ruby-hmac
    formatador (0.2.4)
    highline (1.6.19)
    httpclient (2.2.4)
    json (1.8.0)
    json_pure (1.8.0)
    log4r (1.1.10)
    mime-types (1.24)
    minitar (0.5.4)
    multi_json (1.7.9)
    nesty (1.0.2)
    net-scp (1.1.2)
      net-ssh (>= 2.6.5)
    net-ssh (2.6.8)
    net-ssh-gateway (1.1.2)
      net-ssh (>= 2.6.5)
    netaddr (1.5.0)
    nokogiri (1.5.10)
    progressbar (0.9.2)
    rack (1.5.2)
    rack-protection (1.5.0)
      rack
    rb-readline (0.5.0)
    rdoc (4.0.1)
      json (~> 1.4)
    ruby-atmos-pure (1.0.5)
      log4r (>= 1.1.9)
      ruby-hmac (>= 0.4.0)
    ruby-hmac (0.4.0)
    sinatra (1.4.3)
      rack (~> 1.4)
      rack-protection (~> 1.4)
      tilt (~> 1.3, >= 1.3.4)
    terminal-table (1.4.5)
    tilt (1.4.1)
    uuidtools (2.1.4)

PLATFORMS
  ruby

DEPENDENCIES
  blobstore_client!
  bosh_cli (~> 1.5.0.pre.3)!
  uhuru-publisher!
