GIT
  remote: https://github.com/cloudfoundry/common.git
  revision: e36886a189b82f880a5aa3e9169712d5d9048a88
  ref: e36886a1
  specs:
    vcap_logging (1.0.1)
      rake

GIT
  remote: https://github.com/cloudfoundry/vcap-common.git
  revision: 7b7dd74ddffeb5293af2325f0ed6efb35e226774
  ref: 7b7dd74d
  specs:
    vcap_common (2.0.9)
      em-http-request (~> 1.0.0.beta3)
      eventmachine
      httpclient
      membrane (~> 0.0.2)
      mime-types
      multipart-post
      nats (~> 0.4.24)
      posix-spawn (~> 0.3.6)
      thin
      yajl-ruby

GEM
  remote: http://rubygems.org/
  specs:
    activesupport (3.2.8)
      i18n (~> 0.6)
      multi_json (~> 1.0)
    addressable (2.3.2)
    backports (2.6.7)
    builder (3.1.3)
    cfoundry (0.4.19)
      multi_json (~> 1.3)
      multipart-post (~> 1.1)
      rubyzip (~> 0.9)
    cookiejar (0.3.0)
    daemons (1.1.8)
    descendants_tracker (0.0.1)
    em-http-request (1.0.3)
      addressable (>= 2.2.3)
      cookiejar
      em-socksify
      eventmachine (>= 1.0.0.beta.4)
      http_parser.rb (>= 0.5.3)
    em-socksify (0.2.1)
      eventmachine (>= 1.0.0.beta.4)
    eventmachine (1.0.0)
    eventmachine (1.0.0-x86-mingw32)
    grape (0.2.6)
      activesupport
      builder
      hashie (~> 1.2)
      multi_json (>= 1.3.2)
      multi_xml (>= 0.5.2)
      rack
      rack-accept
      rack-mount
      virtus
    hashie (1.2.0)
    http_parser.rb (0.5.3)
    http_parser.rb (0.5.3-x86-mingw32)
    httpclient (2.3.2)
    i18n (0.6.1)
    json_pure (1.7.6)
    membrane (0.0.2)
    mime-types (1.19)
    multi_json (1.3.6)
    multi_xml (0.5.2)
    multipart-post (1.1.5)
    nats (0.4.26)
      daemons (>= 1.1.5)
      eventmachine (>= 0.12.10)
      json_pure (>= 1.7.3)
      thin (>= 1.4.1)
    posix-spawn (0.3.6)
    rack (1.4.1)
    rack-accept (0.4.5)
      rack (>= 0.4)
    rack-mount (0.8.3)
      rack (>= 1.0.0)
    rack-protection (1.3.2)
      rack
    rake (10.0.3)
    rest-client (1.6.7)
      mime-types (>= 1.16)
    rubyzip (0.9.9)
    sinatra (1.3.3)
      rack (~> 1.3, >= 1.3.6)
      rack-protection (~> 1.2)
      tilt (~> 1.3, >= 1.3.3)
    sinatra-session (1.0.0)
      sinatra (>= 1.0)
    steno (1.0.2)
      grape
      yajl-ruby (~> 1.0)
    thin (1.5.0)
      daemons (>= 1.0.9)
      eventmachine (>= 0.12.6)
      rack (>= 1.0.0)
    tilt (1.3.3)
    virtus (0.5.4)
      backports (~> 2.6.1)
      descendants_tracker (~> 0.0.1)
    yajl-ruby (1.1.0)
    yajl-ruby (1.1.0-x86-mingw32)

PLATFORMS
  ruby
  x86-mingw32

DEPENDENCIES
  cfoundry (~> 0.4.0)
  rest-client
  sinatra
  sinatra-session
  steno (~> 1.0.0)
  thin (~> 1.5.0)
  vcap_common (~> 2.0.8)!
  vcap_logging!
  yajl-ruby
